GEM
  remote: https://rubygems.org/
  specs:
    base64 (0.2.0)
    faraday (2.8.1)
      base64
      faraday-net_http (>= 2.0, < 3.1)
      ruby2_keywords (>= 0.0.4)
    faraday-net_http (3.0.2)
    openssl (3.2.0)
    ruby2_keywords (0.0.5)

PLATFORMS
  ruby

DEPENDENCIES
  faraday (~> 2, < 3)
  openssl (~> 3)

BUNDLED WITH
   2.1.4
